REDIRECTS: ON
RESTRICTION: == net451
NUGET
  remote: https://www.nuget.org/api/v2
    FSharp.Control.AsyncSeq (2.0.21)
      FSharp.Core (>= 3.1.2)
    FSharp.Core (4.3.4)
    FSharp.Quotations.Evaluator (1.1.2)
      FSharp.Core (>= 3.0.2)
    FsUnit (2.3.1)
      FSharp.Core (>= 3.1.2.5)
      NUnit (3.4.1)
    NUnit (3.4.1)
    System.Reactive (3.1.1)
      System.Reactive.PlatformServices (>= 3.1.1)
      System.Reactive.Windows.Threading (>= 3.1.1)
    System.Reactive.Core (3.1.1)
      System.Reactive.Interfaces (>= 3.1.1)
    System.Reactive.Interfaces (3.1.1)
    System.Reactive.Linq (3.1.1)
      System.Reactive.Core (>= 3.1.1)
    System.Reactive.PlatformServices (3.1.1)
      System.Reactive.Linq (>= 3.1.1)
    System.Reactive.Windows.Threading (3.1.1)
      System.Reactive.Core (>= 3.1.1)
