STORAGE: NONE
RESTRICTION: || (== net46) (== netcoreapp3.0)
NUGET
  remote: https://www.nuget.org/api/v2
    FSharp.Control.AsyncSeq (2.0.23)
      FSharp.Core (>= 3.1.2) - restriction: || (== net46) (&& (== netcoreapp3.0) (>= net45))
      FSharp.Core (>= 4.3.2) - restriction: || (&& (== net46) (< net45) (>= netstandard2.0)) (== netcoreapp3.0)
    FSharp.Core (4.3.4)
    FSharp.Quotations.Evaluator (1.1.3)
      FSharp.Core (>= 3.0.2) - restriction: || (== net46) (&& (== netcoreapp3.0) (>= net45))
      FSharp.Core (>= 4.3.1) - restriction: || (&& (== net46) (< net45) (>= netstandard2.0)) (== netcoreapp3.0)
    FsUnit (3.8.1)
      FSharp.Core (>= 4.2.3)
      NETStandard.Library (>= 2.0.3) - restriction: == netcoreapp3.0
      NUnit (>= 3.12 < 4.0)
    Microsoft.CodeCoverage (16.6.1)
    Microsoft.DotNet.InternalAbstractions (1.0) - restriction: || (&& (== net46) (>= netcoreapp2.1)) (== netcoreapp3.0)
      System.AppContext (>= 4.1) - restriction: || (&& (== net46) (< net451)) (== netcoreapp3.0)
      System.Collections (>= 4.0.11) - restriction: || (&& (== net46) (< net451)) (== netcoreapp3.0)
      System.IO (>= 4.1) - restriction: || (&& (== net46) (< net451)) (== netcoreapp3.0)
      System.IO.FileSystem (>= 4.0.1) - restriction: || (&& (== net46) (< net451)) (== netcoreapp3.0)
      System.Reflection.TypeExtensions (>= 4.1) - restriction: || (&& (== net46) (< net451)) (== netcoreapp3.0)
      System.Runtime.Extensions (>= 4.1) - restriction: || (&& (== net46) (< net451)) (== netcoreapp3.0)
      System.Runtime.InteropServices (>= 4.1) - restriction: || (&& (== net46) (< net451)) (== netcoreapp3.0)
      System.Runtime.InteropServices.RuntimeInformation (>= 4.0) - restriction: || (&& (== net46) (< net451)) (== netcoreapp3.0)
    Microsoft.NET.Test.Sdk (16.6.1)
      Microsoft.CodeCoverage (>= 16.6.1)
      Microsoft.TestPlatform.TestHost (>= 16.6.1) - restriction: || (&& (== net46) (>= netcoreapp2.1)) (== netcoreapp3.0)
    Microsoft.NETCore.Platforms (3.1) - restriction: || (&& (== net46) (>= netcoreapp2.1)) (== netcoreapp3.0)
    Microsoft.NETCore.Targets (3.1) - restriction: || (&& (== net46) (>= netcoreapp2.1)) (== netcoreapp3.0)
    Microsoft.TestPlatform.ObjectModel (16.6.1) - restriction: || (&& (== net46) (>= netcoreapp2.1)) (== netcoreapp3.0)
      NuGet.Frameworks (>= 5.0)
    Microsoft.TestPlatform.TestHost (16.6.1) - restriction: || (&& (== net46) (>= netcoreapp2.1)) (== netcoreapp3.0)
      Microsoft.TestPlatform.ObjectModel (>= 16.6.1) - restriction: || (&& (== net46) (>= netcoreapp2.1)) (&& (== net46) (>= uap10.0)) (== netcoreapp3.0)
      Newtonsoft.Json (>= 9.0.1) - restriction: || (&& (== net46) (>= netcoreapp2.1)) (&& (== net46) (>= uap10.0)) (== netcoreapp3.0)
    Microsoft.Win32.Primitives (4.3) - restriction: || (&& (== net46) (>= netcoreapp2.1)) (== netcoreapp3.0)
      Microsoft.NETCore.Platforms (>= 1.1) - restriction: == netcoreapp3.0
      Microsoft.NETCore.Targets (>= 1.1) - restriction: == netcoreapp3.0
      System.Runtime (>= 4.3) - restriction: == netcoreapp3.0
    Microsoft.Win32.Registry (4.7) - restriction: || (&& (== net46) (>= netcoreapp2.1)) (== netcoreapp3.0)
      System.Security.AccessControl (>= 4.7) - restriction: || (&& (== net46) (>= monoandroid)) (&& (== net46) (>= monotouch)) (&& (== net46) (>= net461)) (&& (== net46) (>= netcoreapp2.0)) (&& (== net46) (>= xamarinios)) (&& (== net46) (>= xamarinmac)) (&& (== net46) (>= xamarintvos)) (&& (== net46) (>= xamarinwatchos)) (== netcoreapp3.0)
      System.Security.Principal.Windows (>= 4.7) - restriction: || (&& (== net46) (>= monoandroid)) (&& (== net46) (>= monotouch)) (&& (== net46) (>= net461)) (&& (== net46) (>= netcoreapp2.0)) (&& (== net46) (>= xamarinios)) (&& (== net46) (>= xamarinmac)) (&& (== net46) (>= xamarintvos)) (&& (== net46) (>= xamarinwatchos)) (== netcoreapp3.0)
    NETStandard.Library (2.0.3) - restriction: == netcoreapp3.0
      Microsoft.NETCore.Platforms (>= 1.1)
    Newtonsoft.Json (12.0.3) - restriction: || (&& (== net46) (>= netcoreapp2.1)) (== netcoreapp3.0)
    NuGet.Frameworks (5.5.1) - restriction: || (&& (== net46) (>= netcoreapp2.1)) (== netcoreapp3.0)
    NUnit (3.12)
      NETStandard.Library (>= 2.0) - restriction: || (&& (== net46) (< net35) (>= netstandard2.0)) (== netcoreapp3.0)
    NUnit3TestAdapter (3.16.1)
      Microsoft.DotNet.InternalAbstractions (>= 1.0) - restriction: || (&& (== net46) (>= netcoreapp2.1)) (== netcoreapp3.0)
      System.ComponentModel.EventBasedAsync (>= 4.3) - restriction: || (&& (== net46) (>= netcoreapp2.1)) (== netcoreapp3.0)
      System.ComponentModel.TypeConverter (>= 4.3) - restriction: || (&& (== net46) (>= netcoreapp2.1)) (== netcoreapp3.0)
      System.Diagnostics.Process (>= 4.3) - restriction: || (&& (== net46) (>= netcoreapp2.1)) (== netcoreapp3.0)
      System.Reflection (>= 4.3) - restriction: || (&& (== net46) (>= netcoreapp2.1)) (== netcoreapp3.0)
      System.Runtime.InteropServices.RuntimeInformation (>= 4.3) - restriction: || (&& (== net46) (>= netcoreapp2.1)) (== netcoreapp3.0)
      System.Threading.Thread (>= 4.3) - restriction: || (&& (== net46) (>= netcoreapp2.1)) (== netcoreapp3.0)
      System.Xml.XmlDocument (>= 4.3) - restriction: || (&& (== net46) (>= netcoreapp2.1)) (== netcoreapp3.0)
      System.Xml.XPath.XmlDocument (>= 4.3) - restriction: || (&& (== net46) (>= netcoreapp2.1)) (== netcoreapp3.0)
    runtime.native.System (4.3.1) - restriction: || (&& (== net46) (>= netcoreapp2.1)) (== netcoreapp3.0)
      Microsoft.NETCore.Platforms (>= 1.1.1)
      Microsoft.NETCore.Targets (>= 1.1.3)
    System.AppContext (4.3) - restriction: || (&& (== net46) (>= netcoreapp2.1)) (== netcoreapp3.0)
      System.Runtime (>= 4.3) - restriction: == netcoreapp3.0
    System.Collections (4.3) - restriction: || (&& (== net46) (>= netcoreapp2.1)) (== netcoreapp3.0)
      Microsoft.NETCore.Platforms (>= 1.1) - restriction: || (&& (== net46) (< net45)) (== netcoreapp3.0)
      Microsoft.NETCore.Targets (>= 1.1) - restriction: || (&& (== net46) (< net45)) (== netcoreapp3.0)
      System.Runtime (>= 4.3) - restriction: || (&& (== net46) (< net45)) (== netcoreapp3.0)
    System.Collections.NonGeneric (4.3) - restriction: || (&& (== net46) (>= netcoreapp2.1)) (== netcoreapp3.0)
      System.Diagnostics.Debug (>= 4.3) - restriction: == netcoreapp3.0
      System.Globalization (>= 4.3) - restriction: == netcoreapp3.0
      System.Resources.ResourceManager (>= 4.3) - restriction: == netcoreapp3.0
      System.Runtime (>= 4.3) - restriction: == netcoreapp3.0
      System.Runtime.Extensions (>= 4.3) - restriction: == netcoreapp3.0
      System.Threading (>= 4.3) - restriction: == netcoreapp3.0
    System.Collections.Specialized (4.3) - restriction: || (&& (== net46) (>= netcoreapp2.1)) (== netcoreapp3.0)
      System.Collections.NonGeneric (>= 4.3) - restriction: == netcoreapp3.0
      System.Globalization (>= 4.3) - restriction: == netcoreapp3.0
      System.Globalization.Extensions (>= 4.3) - restriction: == netcoreapp3.0
      System.Resources.ResourceManager (>= 4.3) - restriction: == netcoreapp3.0
      System.Runtime (>= 4.3) - restriction: == netcoreapp3.0
      System.Runtime.Extensions (>= 4.3) - restriction: == netcoreapp3.0
      System.Threading (>= 4.3) - restriction: == netcoreapp3.0
    System.ComponentModel (4.3) - restriction: || (&& (== net46) (>= netcoreapp2.1)) (== netcoreapp3.0)
      System.Runtime (>= 4.3) - restriction: || (&& (== net46) (< net45)) (== netcoreapp3.0)
    System.ComponentModel.EventBasedAsync (4.3) - restriction: || (&& (== net46) (>= netcoreapp2.1)) (== netcoreapp3.0)
      System.Resources.ResourceManager (>= 4.3) - restriction: || (&& (== net46) (< net45)) (== netcoreapp3.0)
      System.Runtime (>= 4.3) - restriction: || (&& (== net46) (< net45)) (== netcoreapp3.0)
      System.Threading (>= 4.3) - restriction: || (&& (== net46) (< net45)) (== netcoreapp3.0)
      System.Threading.Tasks (>= 4.3) - restriction: || (&& (== net46) (< net45)) (== netcoreapp3.0)
    System.ComponentModel.Primitives (4.3) - restriction: || (&& (== net46) (>= netcoreapp2.1)) (== netcoreapp3.0)
      System.ComponentModel (>= 4.3) - restriction: || (&& (== net46) (< net45)) (== netcoreapp3.0)
      System.Resources.ResourceManager (>= 4.3) - restriction: || (&& (== net46) (< net45)) (== netcoreapp3.0)
      System.Runtime (>= 4.3) - restriction: || (&& (== net46) (< net45)) (== netcoreapp3.0)
    System.ComponentModel.TypeConverter (4.3) - restriction: || (&& (== net46) (>= netcoreapp2.1)) (== netcoreapp3.0)
      System.Collections (>= 4.3) - restriction: || (&& (== net46) (< net45)) (== netcoreapp3.0)
      System.Collections.NonGeneric (>= 4.3) - restriction: || (&& (== net46) (< net45) (>= netstandard1.5)) (&& (== net46) (>= net462)) (== netcoreapp3.0)
      System.Collections.Specialized (>= 4.3) - restriction: || (&& (== net46) (< net45) (>= netstandard1.5)) (== netcoreapp3.0)
      System.ComponentModel (>= 4.3) - restriction: || (&& (== net46) (< net45)) (== netcoreapp3.0)
      System.ComponentModel.Primitives (>= 4.3)
      System.Globalization (>= 4.3) - restriction: || (&& (== net46) (< net45)) (== netcoreapp3.0)
      System.Linq (>= 4.3) - restriction: || (&& (== net46) (< net45) (>= netstandard1.5)) (== netcoreapp3.0)
      System.Reflection (>= 4.3) - restriction: || (&& (== net46) (< net45)) (== netcoreapp3.0)
      System.Reflection.Extensions (>= 4.3) - restriction: || (&& (== net46) (< net45)) (== netcoreapp3.0)
      System.Reflection.Primitives (>= 4.3) - restriction: || (&& (== net46) (< net45)) (== netcoreapp3.0)
      System.Reflection.TypeExtensions (>= 4.3) - restriction: || (&& (== net46) (< net45) (>= netstandard1.5)) (== netcoreapp3.0)
      System.Resources.ResourceManager (>= 4.3) - restriction: || (&& (== net46) (< net45)) (== netcoreapp3.0)
      System.Runtime (>= 4.3) - restriction: || (&& (== net46) (< net45)) (== netcoreapp3.0)
      System.Runtime.Extensions (>= 4.3) - restriction: || (&& (== net46) (< net45)) (== netcoreapp3.0)
      System.Threading (>= 4.3) - restriction: || (&& (== net46) (< net45)) (== netcoreapp3.0)
    System.Diagnostics.Debug (4.3) - restriction: || (&& (== net46) (>= netcoreapp2.1)) (== netcoreapp3.0)
      Microsoft.NETCore.Platforms (>= 1.1) - restriction: || (&& (== net46) (< net45)) (== netcoreapp3.0)
      Microsoft.NETCore.Targets (>= 1.1) - restriction: || (&& (== net46) (< net45)) (== netcoreapp3.0)
      System.Runtime (>= 4.3) - restriction: || (&& (== net46) (< net45)) (== netcoreapp3.0)
    System.Diagnostics.Process (4.3) - restriction: || (&& (== net46) (>= netcoreapp2.1)) (== netcoreapp3.0)
      Microsoft.NETCore.Platforms (>= 1.1) - restriction: == netcoreapp3.0
      Microsoft.Win32.Primitives (>= 4.3) - restriction: == netcoreapp3.0
      Microsoft.Win32.Registry (>= 4.3) - restriction: == netcoreapp3.0
      runtime.native.System (>= 4.3) - restriction: == netcoreapp3.0
      System.Collections (>= 4.3) - restriction: == netcoreapp3.0
      System.Diagnostics.Debug (>= 4.3) - restriction: == netcoreapp3.0
      System.Globalization (>= 4.3) - restriction: == netcoreapp3.0
      System.IO (>= 4.3) - restriction: == netcoreapp3.0
      System.IO.FileSystem (>= 4.3) - restriction: == netcoreapp3.0
      System.IO.FileSystem.Primitives (>= 4.3) - restriction: == netcoreapp3.0
      System.Resources.ResourceManager (>= 4.3) - restriction: == netcoreapp3.0
      System.Runtime (>= 4.3) - restriction: == netcoreapp3.0
      System.Runtime.Extensions (>= 4.3) - restriction: == netcoreapp3.0
      System.Runtime.Handles (>= 4.3) - restriction: == netcoreapp3.0
      System.Runtime.InteropServices (>= 4.3) - restriction: == netcoreapp3.0
      System.Text.Encoding (>= 4.3) - restriction: == netcoreapp3.0
      System.Text.Encoding.Extensions (>= 4.3) - restriction: == netcoreapp3.0
      System.Threading (>= 4.3) - restriction: == netcoreapp3.0
      System.Threading.Tasks (>= 4.3) - restriction: == netcoreapp3.0
      System.Threading.Thread (>= 4.3) - restriction: == netcoreapp3.0
      System.Threading.ThreadPool (>= 4.3) - restriction: == netcoreapp3.0
    System.Globalization (4.3) - restriction: || (&& (== net46) (>= netcoreapp2.1)) (== netcoreapp3.0)
      Microsoft.NETCore.Platforms (>= 1.1) - restriction: || (&& (== net46) (< net45)) (== netcoreapp3.0)
      Microsoft.NETCore.Targets (>= 1.1) - restriction: || (&& (== net46) (< net45)) (== netcoreapp3.0)
      System.Runtime (>= 4.3) - restriction: || (&& (== net46) (< net45)) (== netcoreapp3.0)
    System.Globalization.Extensions (4.3) - restriction: || (&& (== net46) (>= netcoreapp2.1)) (== netcoreapp3.0)
      Microsoft.NETCore.Platforms (>= 1.1) - restriction: == netcoreapp3.0
      System.Globalization (>= 4.3) - restriction: == netcoreapp3.0
      System.Resources.ResourceManager (>= 4.3) - restriction: == netcoreapp3.0
      System.Runtime (>= 4.3) - restriction: == netcoreapp3.0
      System.Runtime.Extensions (>= 4.3) - restriction: == netcoreapp3.0
      System.Runtime.InteropServices (>= 4.3) - restriction: == netcoreapp3.0
    System.IO (4.3) - restriction: || (&& (== net46) (>= netcoreapp2.1)) (== netcoreapp3.0)
      Microsoft.NETCore.Platforms (>= 1.1) - restriction: || (&& (== net46) (< net45)) (== netcoreapp3.0)
      Microsoft.NETCore.Targets (>= 1.1) - restriction: || (&& (== net46) (< net45)) (== netcoreapp3.0)
      System.Runtime (>= 4.3) - restriction: || (&& (== net46) (< net45)) (== netcoreapp3.0)
      System.Text.Encoding (>= 4.3) - restriction: || (&& (== net46) (< net45)) (== netcoreapp3.0)
      System.Threading.Tasks (>= 4.3) - restriction: || (&& (== net46) (< net45)) (== netcoreapp3.0)
    System.IO.FileSystem (4.3) - restriction: || (&& (== net46) (>= netcoreapp2.1)) (== netcoreapp3.0)
      Microsoft.NETCore.Platforms (>= 1.1) - restriction: == netcoreapp3.0
      Microsoft.NETCore.Targets (>= 1.1) - restriction: == netcoreapp3.0
      System.IO (>= 4.3) - restriction: == netcoreapp3.0
      System.IO.FileSystem.Primitives (>= 4.3)
      System.Runtime (>= 4.3) - restriction: == netcoreapp3.0
      System.Runtime.Handles (>= 4.3) - restriction: == netcoreapp3.0
      System.Text.Encoding (>= 4.3) - restriction: == netcoreapp3.0
      System.Threading.Tasks (>= 4.3) - restriction: == netcoreapp3.0
    System.IO.FileSystem.Primitives (4.3) - restriction: || (&& (== net46) (>= netcoreapp2.1)) (== netcoreapp3.0)
      System.Runtime (>= 4.3) - restriction: == netcoreapp3.0
    System.Linq (4.3) - restriction: || (&& (== net46) (>= netcoreapp2.1)) (== netcoreapp3.0)
      System.Collections (>= 4.3) - restriction: || (&& (== net46) (< net45)) (== netcoreapp3.0)
      System.Diagnostics.Debug (>= 4.3) - restriction: || (&& (== net46) (< net45) (>= netstandard1.6)) (== netcoreapp3.0)
      System.Resources.ResourceManager (>= 4.3) - restriction: || (&& (== net46) (< net45) (>= netstandard1.6)) (== netcoreapp3.0)
      System.Runtime (>= 4.3) - restriction: || (&& (== net46) (< net45)) (== netcoreapp3.0)
      System.Runtime.Extensions (>= 4.3) - restriction: || (&& (== net46) (< net45) (>= netstandard1.6)) (== netcoreapp3.0)
    System.Reactive (4.1.6)
      System.Runtime.InteropServices.WindowsRuntime (>= 4.3) - restriction: == netcoreapp3.0
      System.Threading.Tasks.Extensions (>= 4.5.2)
      System.ValueTuple (>= 4.5) - restriction: || (== net46) (&& (== netcoreapp3.0) (>= net46)) (&& (== netcoreapp3.0) (>= uap10.0))
    System.Reflection (4.3) - restriction: || (&& (== net46) (>= netcoreapp2.1)) (== netcoreapp3.0)
      Microsoft.NETCore.Platforms (>= 1.1) - restriction: || (&& (== net46) (< net45)) (== netcoreapp3.0)
      Microsoft.NETCore.Targets (>= 1.1) - restriction: || (&& (== net46) (< net45)) (== netcoreapp3.0)
      System.IO (>= 4.3) - restriction: || (&& (== net46) (< net45)) (== netcoreapp3.0)
      System.Reflection.Primitives (>= 4.3) - restriction: || (&& (== net46) (< net45)) (== netcoreapp3.0)
      System.Runtime (>= 4.3) - restriction: || (&& (== net46) (< net45)) (== netcoreapp3.0)
    System.Reflection.Extensions (4.3) - restriction: || (&& (== net46) (>= netcoreapp2.1)) (== netcoreapp3.0)
      Microsoft.NETCore.Platforms (>= 1.1) - restriction: || (&& (== net46) (< net45)) (== netcoreapp3.0)
      Microsoft.NETCore.Targets (>= 1.1) - restriction: || (&& (== net46) (< net45)) (== netcoreapp3.0)
      System.Reflection (>= 4.3) - restriction: || (&& (== net46) (< net45)) (== netcoreapp3.0)
      System.Runtime (>= 4.3) - restriction: || (&& (== net46) (< net45)) (== netcoreapp3.0)
    System.Reflection.Primitives (4.3) - restriction: || (&& (== net46) (>= netcoreapp2.1)) (== netcoreapp3.0)
      Microsoft.NETCore.Platforms (>= 1.1) - restriction: || (&& (== net46) (< net45)) (== netcoreapp3.0)
      Microsoft.NETCore.Targets (>= 1.1) - restriction: || (&& (== net46) (< net45)) (== netcoreapp3.0)
      System.Runtime (>= 4.3) - restriction: || (&& (== net46) (< net45)) (== netcoreapp3.0)
    System.Reflection.TypeExtensions (4.7) - restriction: || (&& (== net46) (>= netcoreapp2.1)) (== netcoreapp3.0)
    System.Resources.ResourceManager (4.3) - restriction: || (&& (== net46) (>= netcoreapp2.1)) (== netcoreapp3.0)
      Microsoft.NETCore.Platforms (>= 1.1) - restriction: || (&& (== net46) (< net45)) (== netcoreapp3.0)
      Microsoft.NETCore.Targets (>= 1.1) - restriction: || (&& (== net46) (< net45)) (== netcoreapp3.0)
      System.Globalization (>= 4.3) - restriction: || (&& (== net46) (< net45)) (== netcoreapp3.0)
      System.Reflection (>= 4.3) - restriction: || (&& (== net46) (< net45)) (== netcoreapp3.0)
      System.Runtime (>= 4.3) - restriction: || (&& (== net46) (< net45)) (== netcoreapp3.0)
    System.Runtime (4.3.1) - restriction: || (&& (== net46) (>= netcoreapp2.1)) (== netcoreapp3.0)
      Microsoft.NETCore.Platforms (>= 1.1.1) - restriction: || (&& (== net46) (< net45)) (== netcoreapp3.0)
      Microsoft.NETCore.Targets (>= 1.1.3) - restriction: || (&& (== net46) (< net45)) (== netcoreapp3.0)
    System.Runtime.CompilerServices.Unsafe (4.7.1) - restriction: || (== net46) (&& (== netcoreapp3.0) (>= net461)) (&& (== netcoreapp3.0) (< netcoreapp2.1)) (&& (== netcoreapp3.0) (< netstandard1.0)) (&& (== netcoreapp3.0) (< netstandard2.0)) (&& (== netcoreapp3.0) (>= wp8))
    System.Runtime.Extensions (4.3.1) - restriction: || (&& (== net46) (>= netcoreapp2.1)) (== netcoreapp3.0)
      Microsoft.NETCore.Platforms (>= 1.1.1) - restriction: || (&& (== net46) (< net45)) (== netcoreapp3.0)
      Microsoft.NETCore.Targets (>= 1.1.3) - restriction: || (&& (== net46) (< net45)) (== netcoreapp3.0)
      System.Runtime (>= 4.3.1) - restriction: || (&& (== net46) (< net45)) (== netcoreapp3.0)
    System.Runtime.Handles (4.3) - restriction: || (&& (== net46) (>= netcoreapp2.1)) (== netcoreapp3.0)
      Microsoft.NETCore.Platforms (>= 1.1) - restriction: == netcoreapp3.0
      Microsoft.NETCore.Targets (>= 1.1) - restriction: == netcoreapp3.0
      System.Runtime (>= 4.3) - restriction: == netcoreapp3.0
    System.Runtime.InteropServices (4.3) - restriction: || (&& (== net46) (>= netcoreapp2.1)) (== netcoreapp3.0)
      Microsoft.NETCore.Platforms (>= 1.1) - restriction: || (&& (== net46) (< net45)) (&& (== net46) (>= netcoreapp1.1)) (== netcoreapp3.0)
      Microsoft.NETCore.Targets (>= 1.1) - restriction: || (&& (== net46) (< net45)) (&& (== net46) (>= netcoreapp1.1)) (== netcoreapp3.0)
      System.Reflection (>= 4.3) - restriction: || (&& (== net46) (< net45)) (&& (== net46) (>= netcoreapp1.1)) (== netcoreapp3.0)
      System.Reflection.Primitives (>= 4.3) - restriction: || (&& (== net46) (< net45)) (&& (== net46) (>= netcoreapp1.1)) (== netcoreapp3.0)
      System.Runtime (>= 4.3) - restriction: || (&& (== net46) (< net45)) (&& (== net46) (>= net462)) (&& (== net46) (>= netcoreapp1.1)) (== netcoreapp3.0)
      System.Runtime.Handles (>= 4.3) - restriction: || (&& (== net46) (< net45)) (&& (== net46) (>= netcoreapp1.1)) (== netcoreapp3.0)
    System.Runtime.InteropServices.RuntimeInformation (4.3) - restriction: || (&& (== net46) (>= netcoreapp2.1)) (== netcoreapp3.0)
      runtime.native.System (>= 4.3) - restriction: || (&& (== net46) (< net45)) (== netcoreapp3.0)
      System.Reflection (>= 4.3) - restriction: || (&& (== net46) (< net45)) (== netcoreapp3.0)
      System.Reflection.Extensions (>= 4.3) - restriction: || (&& (== net46) (< net45)) (== netcoreapp3.0)
      System.Resources.ResourceManager (>= 4.3) - restriction: || (&& (== net46) (< net45)) (== netcoreapp3.0)
      System.Runtime (>= 4.3) - restriction: || (&& (== net46) (< net45)) (== netcoreapp3.0)
      System.Runtime.InteropServices (>= 4.3) - restriction: || (&& (== net46) (< net45)) (== netcoreapp3.0)
      System.Threading (>= 4.3) - restriction: || (&& (== net46) (< net45)) (== netcoreapp3.0)
    System.Runtime.InteropServices.WindowsRuntime (4.3) - restriction: == netcoreapp3.0
      System.Runtime (>= 4.3) - restriction: || (&& (== net46) (< net45)) (== netcoreapp3.0)
    System.Security.AccessControl (4.7) - restriction: || (&& (== net46) (>= netcoreapp2.1)) (== netcoreapp3.0)
      Microsoft.NETCore.Platforms (>= 3.1) - restriction: || (&& (== net46) (>= netcoreapp2.0)) (== netcoreapp3.0)
      System.Security.Principal.Windows (>= 4.7)
    System.Security.Principal.Windows (4.7) - restriction: || (&& (== net46) (>= netcoreapp2.1)) (== netcoreapp3.0)
    System.Text.Encoding (4.3) - restriction: || (&& (== net46) (>= netcoreapp2.1)) (== netcoreapp3.0)
      Microsoft.NETCore.Platforms (>= 1.1) - restriction: || (&& (== net46) (< net45)) (== netcoreapp3.0)
      Microsoft.NETCore.Targets (>= 1.1) - restriction: || (&& (== net46) (< net45)) (== netcoreapp3.0)
      System.Runtime (>= 4.3) - restriction: || (&& (== net46) (< net45)) (== netcoreapp3.0)
    System.Text.Encoding.Extensions (4.3) - restriction: || (&& (== net46) (>= netcoreapp2.1)) (== netcoreapp3.0)
      Microsoft.NETCore.Platforms (>= 1.1) - restriction: || (&& (== net46) (< net45)) (== netcoreapp3.0)
      Microsoft.NETCore.Targets (>= 1.1) - restriction: || (&& (== net46) (< net45)) (== netcoreapp3.0)
      System.Runtime (>= 4.3) - restriction: || (&& (== net46) (< net45)) (== netcoreapp3.0)
      System.Text.Encoding (>= 4.3) - restriction: || (&& (== net46) (< net45)) (== netcoreapp3.0)
    System.Text.RegularExpressions (4.3.1) - restriction: || (&& (== net46) (>= netcoreapp2.1)) (== netcoreapp3.0)
      System.Runtime (>= 4.3.1) - restriction: || (&& (== net46) (< net45)) (&& (== net46) (>= netcoreapp1.1)) (== netcoreapp3.0)
    System.Threading (4.3) - restriction: || (&& (== net46) (>= netcoreapp2.1)) (== netcoreapp3.0)
      System.Runtime (>= 4.3) - restriction: || (&& (== net46) (< net45)) (== netcoreapp3.0)
      System.Threading.Tasks (>= 4.3) - restriction: || (&& (== net46) (< net45)) (== netcoreapp3.0)
    System.Threading.Tasks (4.3) - restriction: || (&& (== net46) (>= netcoreapp2.1)) (== netcoreapp3.0)
      Microsoft.NETCore.Platforms (>= 1.1) - restriction: || (&& (== net46) (< net45)) (== netcoreapp3.0)
      Microsoft.NETCore.Targets (>= 1.1) - restriction: || (&& (== net46) (< net45)) (== netcoreapp3.0)
      System.Runtime (>= 4.3) - restriction: || (&& (== net46) (< net45)) (== netcoreapp3.0)
    System.Threading.Tasks.Extensions (4.5.4)
      System.Runtime.CompilerServices.Unsafe (>= 4.5.3) - restriction: || (== net46) (&& (== netcoreapp3.0) (>= net461)) (&& (== netcoreapp3.0) (< netcoreapp2.1)) (&& (== netcoreapp3.0) (< netstandard1.0)) (&& (== netcoreapp3.0) (< netstandard2.0)) (&& (== netcoreapp3.0) (>= wp8))
    System.Threading.Thread (4.3) - restriction: || (&& (== net46) (>= netcoreapp2.1)) (== netcoreapp3.0)
      System.Runtime (>= 4.3) - restriction: == netcoreapp3.0
    System.Threading.ThreadPool (4.3) - restriction: || (&& (== net46) (>= netcoreapp2.1)) (== netcoreapp3.0)
      System.Runtime (>= 4.3) - restriction: == netcoreapp3.0
      System.Runtime.Handles (>= 4.3) - restriction: == netcoreapp3.0
    System.ValueTuple (4.5) - restriction: || (== net46) (&& (== netcoreapp3.0) (>= net46)) (&& (== netcoreapp3.0) (>= uap10.0))
    System.Xml.ReaderWriter (4.3.1) - restriction: || (&& (== net46) (>= netcoreapp2.1)) (== netcoreapp3.0)
      System.Collections (>= 4.3) - restriction: || (&& (== net46) (< net45)) (== netcoreapp3.0)
      System.Diagnostics.Debug (>= 4.3) - restriction: || (&& (== net46) (< net45)) (== netcoreapp3.0)
      System.Globalization (>= 4.3) - restriction: || (&& (== net46) (< net45)) (== netcoreapp3.0)
      System.IO (>= 4.3) - restriction: || (&& (== net46) (< net45)) (== netcoreapp3.0)
      System.IO.FileSystem (>= 4.3) - restriction: || (&& (== net46) (< net45)) (== netcoreapp3.0)
      System.IO.FileSystem.Primitives (>= 4.3) - restriction: || (&& (== net46) (< net45)) (== netcoreapp3.0)
      System.Resources.ResourceManager (>= 4.3) - restriction: || (&& (== net46) (< net45)) (== netcoreapp3.0)
      System.Runtime (>= 4.3) - restriction: || (&& (== net46) (< net45)) (== netcoreapp3.0)
      System.Runtime.Extensions (>= 4.3) - restriction: || (&& (== net46) (< net45)) (== netcoreapp3.0)
      System.Runtime.InteropServices (>= 4.3) - restriction: || (&& (== net46) (< net45)) (== netcoreapp3.0)
      System.Text.Encoding (>= 4.3) - restriction: || (&& (== net46) (< net45)) (== netcoreapp3.0)
      System.Text.Encoding.Extensions (>= 4.3) - restriction: || (&& (== net46) (< net45)) (== netcoreapp3.0)
      System.Text.RegularExpressions (>= 4.3) - restriction: || (&& (== net46) (< net45)) (== netcoreapp3.0)
      System.Threading.Tasks (>= 4.3) - restriction: || (&& (== net46) (< net45)) (== netcoreapp3.0)
      System.Threading.Tasks.Extensions (>= 4.3) - restriction: || (&& (== net46) (< net45)) (== netcoreapp3.0)
    System.Xml.XmlDocument (4.3) - restriction: || (&& (== net46) (>= netcoreapp2.1)) (== netcoreapp3.0)
      System.Collections (>= 4.3) - restriction: == netcoreapp3.0
      System.Diagnostics.Debug (>= 4.3) - restriction: == netcoreapp3.0
      System.Globalization (>= 4.3) - restriction: == netcoreapp3.0
      System.IO (>= 4.3) - restriction: == netcoreapp3.0
      System.Resources.ResourceManager (>= 4.3) - restriction: == netcoreapp3.0
      System.Runtime (>= 4.3) - restriction: == netcoreapp3.0
      System.Runtime.Extensions (>= 4.3) - restriction: == netcoreapp3.0
      System.Text.Encoding (>= 4.3) - restriction: == netcoreapp3.0
      System.Threading (>= 4.3) - restriction: == netcoreapp3.0
      System.Xml.ReaderWriter (>= 4.3) - restriction: == netcoreapp3.0
    System.Xml.XPath (4.3) - restriction: || (&& (== net46) (>= netcoreapp2.1)) (== netcoreapp3.0)
      System.Collections (>= 4.3) - restriction: == netcoreapp3.0
      System.Diagnostics.Debug (>= 4.3) - restriction: == netcoreapp3.0
      System.Globalization (>= 4.3) - restriction: == netcoreapp3.0
      System.IO (>= 4.3) - restriction: == netcoreapp3.0
      System.Resources.ResourceManager (>= 4.3) - restriction: == netcoreapp3.0
      System.Runtime (>= 4.3) - restriction: == netcoreapp3.0
      System.Runtime.Extensions (>= 4.3) - restriction: == netcoreapp3.0
      System.Threading (>= 4.3) - restriction: == netcoreapp3.0
      System.Xml.ReaderWriter (>= 4.3) - restriction: == netcoreapp3.0
    System.Xml.XPath.XmlDocument (4.3) - restriction: || (&& (== net46) (>= netcoreapp2.1)) (== netcoreapp3.0)
      System.Collections (>= 4.3) - restriction: == netcoreapp3.0
      System.Globalization (>= 4.3) - restriction: == netcoreapp3.0
      System.IO (>= 4.3) - restriction: == netcoreapp3.0
      System.Resources.ResourceManager (>= 4.3) - restriction: == netcoreapp3.0
      System.Runtime (>= 4.3) - restriction: == netcoreapp3.0
      System.Runtime.Extensions (>= 4.3) - restriction: == netcoreapp3.0
      System.Threading (>= 4.3) - restriction: == netcoreapp3.0
      System.Xml.ReaderWriter (>= 4.3) - restriction: == netcoreapp3.0
      System.Xml.XmlDocument (>= 4.3)
      System.Xml.XPath (>= 4.3)
