RESTRICTION: == net46
NUGET
  remote: https://www.nuget.org/api/v2
    FSharp.Control.AsyncSeq (2.0.23)
      FSharp.Core (>= 3.1.2)
    FSharp.Core (4.5)
    FSharp.Quotations.Evaluator (1.1.3)
      FSharp.Core (>= 3.0.2)
    FsXaml.Wpf (3.1.6)
    Newtonsoft.Json (12.0.3)
    System.Reactive (4.1.6)
      System.Threading.Tasks.Extensions (>= 4.5.2)
      System.ValueTuple (>= 4.5)
    System.Runtime.CompilerServices.Unsafe (4.7.1)
    System.Threading.Tasks.Extensions (4.5.4)
      System.Runtime.CompilerServices.Unsafe (>= 4.5.3)
    System.ValueTuple (4.5)
